PATH
  remote: .
  specs:
    devdocker (0.1.0)
      thor (~> 1.3.2)

GEM
  remote: https://rubygems.org/
  specs:
    minitest (5.25.4)
    rake (13.2.1)
    thor (1.3.2)

PLATFORMS
  ruby
  x86_64-linux

DEPENDENCIES
  devdocker!
  minitest
  rake (~> 13.0)

BUNDLED WITH
   2.6.3
